GEM
  remote: http://rubygems.org/
  specs:
    actionmailer (2.3.8)
      actionpack (= 2.3.8)
    actionpack (2.3.8)
      activesupport (= 2.3.8)
      rack (~> 1.1.0)
    activerecord (2.3.8)
      activesupport (= 2.3.8)
    activeresource (2.3.8)
      activesupport (= 2.3.8)
    activesupport (2.3.8)
    configuration (1.2.0)
    haml (3.0.25)
    heroku (1.17.10)
      json (~> 1.4.6)
      launchy (~> 0.3.2)
      rest-client (>= 1.4.0, < 1.7.0)
    json (1.4.6)
    launchy (0.3.7)
      configuration (>= 0.0.5)
      rake (>= 0.8.1)
    mime-types (1.16)
    mysql (2.8.1)
    nokogiri (1.4.4)
    rack (1.1.0)
    rails (2.3.8)
      actionmailer (= 2.3.8)
      actionpack (= 2.3.8)
      activerecord (= 2.3.8)
      activeresource (= 2.3.8)
      activesupport (= 2.3.8)
      rake (>= 0.8.3)
    rake (0.8.7)
    rest-client (1.6.1)
      mime-types (>= 1.16)
    rubyfromexcel (0.0.5)
      nokogiri (>= 1.4.1)
      rubypeg (>= 0.0.2)
      rubyscriptwriter (>= 0.0.1)
    rubypeg (0.0.3)
      rubyscriptwriter
    rubyscriptwriter (0.0.2)
    sqlite3 (1.3.3)
    sqlite3-ruby (1.3.3)
      sqlite3 (>= 1.3.3)

PLATFORMS
  ruby

DEPENDENCIES
  haml
  heroku
  mysql
  rails (= 2.3.8)
  rubyfromexcel (= 0.0.5)
  sqlite3-ruby
